GEM
  remote: https://rubygems.org/
  specs:
    activesupport (3.2.12)
      i18n (~> 0.6)
      multi_json (~> 1.0)
    adsf (1.1.1)
      rack (>= 1.0.0)
    builder (3.2.0)
    chunky_png (1.2.8)
    coderay (1.0.9)
    colored (1.2)
    compass (0.12.2)
      chunky_png (~> 1.2)
      fssm (>= 0.2.7)
      sass (~> 3.1)
    cri (2.3.0)
      colored (>= 1.2)
    execjs (1.4.0)
      multi_json (~> 1.0)
    ffi (1.8.1)
    formatador (0.2.4)
    fspath (2.0.4)
    fssm (0.2.10)
    guard (1.8.0)
      formatador (>= 0.2.4)
      listen (>= 1.0.0)
      lumberjack (>= 1.0.2)
      pry (>= 0.9.10)
      thor (>= 0.14.6)
    guard-nanoc (1.0.1)
      guard (>= 1.8.0)
      nanoc (>= 3.6.3)
    haml (4.0.3)
      tilt
    i18n (0.6.4)
    image_optim (0.8.1)
      fspath (~> 2.0.3)
      image_size (~> 1.1.2)
      in_threads (~> 1.1.1)
      progress (~> 2.4.0)
    image_size (1.1.2)
    in_threads (1.1.1)
    json (1.8.0)
    kramdown (1.0.2)
    listen (1.1.3)
      rb-fsevent (>= 0.9.3)
      rb-inotify (>= 0.9)
      rb-kqueue (>= 0.2)
    lumberjack (1.0.3)
    method_source (0.8.1)
    mime-types (1.23)
    multi_json (1.7.4)
    nanoc (3.6.4)
      cri (~> 2.3)
    nanoc-cachebuster (0.3.1)
      nanoc (>= 3.3.0)
    nanoc-image-compressor (0.1.1)
      image_optim
      nanoc (>= 3.3.1)
    nanoc-javascript-concatenator (0.0.2)
      nanoc (>= 3.3.0)
    nokogiri (1.5.9)
    progress (2.4.0)
    pry (0.9.12.2)
      coderay (~> 1.0.5)
      method_source (~> 0.8)
      slop (~> 3.4)
    rack (1.5.2)
    rake (10.0.4)
    rb-fsevent (0.9.3)
    rb-inotify (0.9.0)
      ffi (>= 0.5.0)
    rb-kqueue (0.2.0)
      ffi (>= 0.5.0)
    sass (3.2.9)
    slop (3.4.5)
    systemu (2.5.2)
    thor (0.18.1)
    tilt (1.4.1)
    uglifier (2.1.1)
      execjs (>= 0.3.0)
      multi_json (~> 1.0, >= 1.0.2)
    w3c_validators (1.2)
      json
      nokogiri

PLATFORMS
  ruby

DEPENDENCIES
  activesupport (>= 3.2.9)
  adsf (>= 1.1.1)
  builder (>= 3.2.0)
  chunky_png (>= 1.2.8)
  colored (>= 1.2)
  compass (>= 0.12.2)
  cri (>= 2.3.0)
  execjs (>= 1.4.0)
  fspath (>= 2.0.4)
  fssm (>= 0.2.10)
  guard-nanoc (>= 1.0.1)
  haml (>= 4.0.3)
  i18n (>= 0.6.4)
  image_optim (>= 0.8.0)
  image_size (>= 1.1.2)
  in_threads (>= 1.1.1)
  json (>= 1.7.7)
  kramdown (>= 1.0.2)
  mime-types (>= 1.23)
  multi_json (>= 1.7.3)
  nanoc (>= 3.6.3)
  nanoc-cachebuster (>= 0.3.1)
  nanoc-image-compressor (>= 0.1.1)
  nanoc-javascript-concatenator (>= 0.0.2)
  nokogiri (>= 1.5.9)
  progress (>= 2.4.0)
  rack (>= 1.5.2)
  rake (>= 10.0.4)
  sass (>= 3.2.9)
  systemu (>= 2.5.2)
  tilt (>= 1.4.1)
  uglifier (>= 2.1.1)
  w3c_validators (>= 1.2)
